GEM
  remote: http://rubygems.org/
  specs:
    ceedling (0.29.1)
      constructor (>= 1.0.4)
      rake (>= 12.2.1)
      thor (>= 0.14.5)
    constructor (2.0.0)
    rake (13.0.1)
    thor (1.0.1)

PLATFORMS
  ruby

DEPENDENCIES
  bundler (>= 1.3.5)
  ceedling (>= 0.18.0)

BUNDLED WITH
   1.17.3
